GIT
  remote: https://github.com/jitingcn/audit-log.git
  revision: fbdf6f2133b497e74c9064294261ce770a10f570
  specs:
    audit-log (1.1.0)
      kaminari (>= 0.15)
      rails (>= 5.2)

GIT
  remote: https://github.com/jitingcn/madmin.git
  revision: 35a206f9d68ed040309faa36a110731db58e4588
  branch: dev
  specs:
    madmin (1.2.7)
      pagy (>= 3.5)
      rails (>= 6.0.3)

GIT
  remote: https://github.com/redis-store/redis-actionpack.git
  revision: f709e8c38c63b40f081b272db88a485b10eb26a1
  specs:
    redis-actionpack (5.3.0)
      actionpack (>= 5, < 8)
      redis-rack (>= 2.1.0, < 3)
      redis-store (>= 1.1.0, < 2)

GEM
  remote: https://rubygems.org/
  specs:
    action_policy (0.6.7)
      ruby-next-core (>= 0.14.0)
    actioncable (7.1.2)
      actionpack (= 7.1.2)
      activesupport (= 7.1.2)
      nio4r (~> 2.0)
      websocket-driver (>= 0.6.1)
      zeitwerk (~> 2.6)
    actionmailbox (7.1.2)
      actionpack (= 7.1.2)
      activejob (= 7.1.2)
      activerecord (= 7.1.2)
      activestorage (= 7.1.2)
      activesupport (= 7.1.2)
      mail (>= 2.7.1)
      net-imap
      net-pop
      net-smtp
    actionmailer (7.1.2)
      actionpack (= 7.1.2)
      actionview (= 7.1.2)
      activejob (= 7.1.2)
      activesupport (= 7.1.2)
      mail (~> 2.5, >= 2.5.4)
      net-imap
      net-pop
      net-smtp
      rails-dom-testing (~> 2.2)
    actionpack (7.1.2)
      actionview (= 7.1.2)
      activesupport (= 7.1.2)
      nokogiri (>= 1.8.5)
      racc
      rack (>= 2.2.4)
      rack-session (>= 1.0.1)
      rack-test (>= 0.6.3)
      rails-dom-testing (~> 2.2)
      rails-html-sanitizer (~> 1.6)
    actiontext (7.1.2)
      actionpack (= 7.1.2)
      activerecord (= 7.1.2)
      activestorage (= 7.1.2)
      activesupport (= 7.1.2)
      globalid (>= 0.6.0)
      nokogiri (>= 1.8.5)
    actionview (7.1.2)
      activesupport (= 7.1.2)
      builder (~> 3.1)
      erubi (~> 1.11)
      rails-dom-testing (~> 2.2)
      rails-html-sanitizer (~> 1.6)
    activejob (7.1.2)
      activesupport (= 7.1.2)
      globalid (>= 0.3.6)
    activemodel (7.1.2)
      activesupport (= 7.1.2)
    activerecord (7.1.2)
      activemodel (= 7.1.2)
      activesupport (= 7.1.2)
      timeout (>= 0.4.0)
    activestorage (7.1.2)
      actionpack (= 7.1.2)
      activejob (= 7.1.2)
      activerecord (= 7.1.2)
      activesupport (= 7.1.2)
      marcel (~> 1.0)
    activesupport (7.1.2)
      base64
      bigdecimal
      concurrent-ruby (~> 1.0, >= 1.0.2)
      connection_pool (>= 2.2.5)
      drb
      i18n (>= 1.6, < 2)
      minitest (>= 5.1)
      mutex_m
      tzinfo (~> 2.0)
    addressable (2.8.5)
      public_suffix (>= 2.0.2, < 6.0)
    ast (2.4.2)
    base64 (0.2.0)
    bcrypt (3.1.20)
    bigdecimal (3.1.5)
    bindex (0.8.1)
    bootsnap (1.17.0)
      msgpack (~> 1.2)
    brotli (0.4.0)
    builder (3.2.4)
    bullet (7.1.4)
      activesupport (>= 3.0.0)
      uniform_notifier (~> 1.11)
    cable_ready (5.0.1)
      actionpack (>= 5.2)
      actionview (>= 5.2)
      activesupport (>= 5.2)
      railties (>= 5.2)
      thread-local (>= 1.1.0)
    capybara (3.39.2)
      addressable
      matrix
      mini_mime (>= 0.1.3)
      nokogiri (~> 1.8)
      rack (>= 1.6.0)
      rack-test (>= 0.6.3)
      regexp_parser (>= 1.5, < 3.0)
      xpath (~> 3.2)
    coderay (1.1.3)
    concurrent-ruby (1.2.2)
    config (5.0.0)
      deep_merge (~> 1.2, >= 1.2.1)
      dry-validation (~> 1.0, >= 1.0.0)
    connection_pool (2.4.1)
    crass (1.0.6)
    date (3.3.4)
    debug (1.8.0)
      irb (>= 1.5.0)
      reline (>= 0.3.1)
    deep_merge (1.2.2)
    devise (4.9.3)
      bcrypt (~> 3.0)
      orm_adapter (~> 0.1)
      railties (>= 4.1.0)
      responders
      warden (~> 1.2.3)
    dotenv (2.8.1)
    dotenv-rails (2.8.1)
      dotenv (= 2.8.1)
      railties (>= 3.2)
    drb (2.2.0)
      ruby2_keywords
    dry-cli (1.0.0)
    dry-configurable (1.1.0)
      dry-core (~> 1.0, < 2)
      zeitwerk (~> 2.6)
    dry-core (1.0.1)
      concurrent-ruby (~> 1.0)
      zeitwerk (~> 2.6)
    dry-inflector (1.0.0)
    dry-initializer (3.1.1)
    dry-logic (1.5.0)
      concurrent-ruby (~> 1.0)
      dry-core (~> 1.0, < 2)
      zeitwerk (~> 2.6)
    dry-schema (1.13.3)
      concurrent-ruby (~> 1.0)
      dry-configurable (~> 1.0, >= 1.0.1)
      dry-core (~> 1.0, < 2)
      dry-initializer (~> 3.0)
      dry-logic (>= 1.4, < 2)
      dry-types (>= 1.7, < 2)
      zeitwerk (~> 2.6)
    dry-types (1.7.1)
      concurrent-ruby (~> 1.0)
      dry-core (~> 1.0)
      dry-inflector (~> 1.0)
      dry-logic (~> 1.4)
      zeitwerk (~> 2.6)
    dry-validation (1.10.0)
      concurrent-ruby (~> 1.0)
      dry-core (~> 1.0, < 2)
      dry-initializer (~> 3.0)
      dry-schema (>= 1.12, < 2)
      zeitwerk (~> 2.6)
    erubi (1.12.0)
    faraday (2.7.12)
      base64
      faraday-net_http (>= 2.0, < 3.1)
      ruby2_keywords (>= 0.0.4)
    faraday-net_http (3.0.2)
    ffi (1.16.3)
    globalid (1.2.1)
      activesupport (>= 6.1)
    hashie (5.0.0)
    hiredis (0.6.3)
    hotwire-rails (0.1.3)
      rails (>= 6.0.0)
      stimulus-rails
      turbo-rails
    httparty (0.21.0)
      mini_mime (>= 1.0.0)
      multi_xml (>= 0.5.2)
    i18n (1.14.1)
      concurrent-ruby (~> 1.0)
    image_processing (1.12.2)
      mini_magick (>= 4.9.5, < 5)
      ruby-vips (>= 2.0.17, < 3)
    io-console (0.6.0)
    irb (1.9.1)
      rdoc
      reline (>= 0.3.8)
    jbuilder (2.11.5)
      actionview (>= 5.0.0)
      activesupport (>= 5.0.0)
    json (2.6.3)
    jwt (2.7.1)
    kaminari (1.2.2)
      activesupport (>= 4.1.0)
      kaminari-actionview (= 1.2.2)
      kaminari-activerecord (= 1.2.2)
      kaminari-core (= 1.2.2)
    kaminari-actionview (1.2.2)
      actionview
      kaminari-core (= 1.2.2)
    kaminari-activerecord (1.2.2)
      activerecord
      kaminari-core (= 1.2.2)
    kaminari-core (1.2.2)
    kredis (1.6.0)
      activemodel (>= 6.0.0)
      activesupport (>= 6.0.0)
      redis (>= 4.2, < 6)
    language_server-protocol (3.17.0.3)
    lint_roller (1.1.0)
    listen (3.8.0)
      rb-fsevent (~> 0.10, >= 0.10.3)
      rb-inotify (~> 0.9, >= 0.9.10)
    lograge (0.14.0)
      actionpack (>= 4)
      activesupport (>= 4)
      railties (>= 4)
      request_store (~> 1.0)
    loofah (2.22.0)
      crass (~> 1.0.2)
      nokogiri (>= 1.12.0)
    mail (2.8.1)
      mini_mime (>= 0.1.1)
      net-imap
      net-pop
      net-smtp
    marcel (1.0.2)
    matrix (0.4.2)
    meilisearch (0.25.1)
      httparty (>= 0.17.1, < 0.22.0)
    meilisearch-rails (0.10.1)
      meilisearch (~> 0.25.0)
    method_source (1.0.0)
    mini_magick (4.12.0)
    mini_mime (1.1.5)
    mini_portile2 (2.8.5)
    minitest (5.20.0)
    msgpack (1.7.2)
    multi_xml (0.6.0)
    mutex_m (0.2.0)
    net-imap (0.4.6)
      date
      net-protocol
    net-pop (0.1.2)
      net-protocol
    net-protocol (0.2.2)
      timeout
    net-smtp (0.4.0)
      net-protocol
    nio4r (2.6.1)
    nokogiri (1.15.5)
      mini_portile2 (~> 2.8.2)
      racc (~> 1.4)
    oauth2 (2.0.9)
      faraday (>= 0.17.3, < 3.0)
      jwt (>= 1.0, < 3.0)
      multi_xml (~> 0.5)
      rack (>= 1.2, < 4)
      snaky_hash (~> 2.0)
      version_gem (~> 1.1)
    omniauth (2.1.1)
      hashie (>= 3.4.6)
      rack (>= 2.2.3)
      rack-protection
    omniauth-gitlab (4.1.0)
      omniauth (~> 2.0)
      omniauth-oauth2 (~> 1.8.0)
    omniauth-oauth2 (1.8.0)
      oauth2 (>= 1.4, < 3)
      omniauth (~> 2.0)
    omniauth-rails_csrf_protection (1.0.1)
      actionpack (>= 4.2)
      omniauth (~> 2.0)
    orm_adapter (0.5.0)
    pagy (6.2.0)
    paper_trail (15.1.0)
      activerecord (>= 6.1)
      request_store (~> 1.4)
    parallel (1.23.0)
    parser (3.2.2.4)
      ast (~> 2.4.1)
      racc
    pg (1.5.4)
    pretender (0.4.0)
      actionpack (>= 5.2)
    pry (0.14.2)
      coderay (~> 1.1)
      method_source (~> 1.0)
    psych (5.1.1.1)
      stringio
    public_suffix (5.0.4)
    puma (6.4.0)
      nio4r (~> 2.0)
    racc (1.7.3)
    rack (2.2.8)
    rack-brotli (1.2.0)
      brotli (>= 0.1.7)
      rack (>= 1.4)
    rack-mini-profiler (3.1.1)
      rack (>= 1.2.0)
    rack-protection (3.1.0)
      rack (~> 2.2, >= 2.2.4)
    rack-proxy (0.7.7)
      rack
    rack-session (1.0.1)
      rack (< 3)
    rack-test (2.1.0)
      rack (>= 1.3)
    rackup (1.0.0)
      rack (< 3)
      webrick
    rails (7.1.2)
      actioncable (= 7.1.2)
      actionmailbox (= 7.1.2)
      actionmailer (= 7.1.2)
      actionpack (= 7.1.2)
      actiontext (= 7.1.2)
      actionview (= 7.1.2)
      activejob (= 7.1.2)
      activemodel (= 7.1.2)
      activerecord (= 7.1.2)
      activestorage (= 7.1.2)
      activesupport (= 7.1.2)
      bundler (>= 1.15.0)
      railties (= 7.1.2)
    rails-dom-testing (2.2.0)
      activesupport (>= 5.0.0)
      minitest
      nokogiri (>= 1.6)
    rails-html-sanitizer (1.6.0)
      loofah (~> 2.21)
      nokogiri (~> 1.14)
    railties (7.1.2)
      actionpack (= 7.1.2)
      activesupport (= 7.1.2)
      irb
      rackup (>= 1.0.0)
      rake (>= 12.2)
      thor (~> 1.0, >= 1.2.2)
      zeitwerk (~> 2.6)
    rainbow (3.1.1)
    rake (13.1.0)
    rb-fsevent (0.11.2)
    rb-inotify (0.10.1)
      ffi (~> 1.0)
    rdoc (6.6.0)
      psych (>= 4.0.0)
    redis (4.8.1)
    redis-rack (2.1.4)
      rack (>= 2.0.8, < 3)
      redis-store (>= 1.2, < 2)
    redis-store (1.10.0)
      redis (>= 4, < 6)
    regexp_parser (2.8.2)
    reline (0.4.0)
      io-console (~> 0.5)
    request_store (1.5.1)
      rack (>= 1.4)
    responders (3.1.1)
      actionpack (>= 5.2)
      railties (>= 5.2)
    rexml (3.2.6)
    rubocop (1.57.2)
      json (~> 2.3)
      language_server-protocol (>= 3.17.0)
      parallel (~> 1.10)
      parser (>= 3.2.2.4)
      rainbow (>= 2.2.2, < 4.0)
      regexp_parser (>= 1.8, < 3.0)
      rexml (>= 3.2.5, < 4.0)
      rubocop-ast (>= 1.28.1, < 2.0)
      ruby-progressbar (~> 1.7)
      unicode-display_width (>= 2.4.0, < 3.0)
    rubocop-ast (1.30.0)
      parser (>= 3.2.1.0)
    rubocop-performance (1.19.1)
      rubocop (>= 1.7.0, < 2.0)
      rubocop-ast (>= 0.4.0)
    rubocop-rails (2.20.2)
      activesupport (>= 4.2.0)
      rack (>= 1.1)
      rubocop (>= 1.33.0, < 2.0)
    ruby-next-core (0.15.3)
    ruby-progressbar (1.13.0)
    ruby-vips (2.2.0)
      ffi (~> 1.12)
    ruby2_keywords (0.0.5)
    rubyzip (2.3.2)
    sass-rails (6.0.0)
      sassc-rails (~> 2.1, >= 2.1.1)
    sassc (2.4.0)
      ffi (~> 1.9)
    sassc-rails (2.1.2)
      railties (>= 4.0.0)
      sassc (>= 2.0)
      sprockets (> 3.0)
      sprockets-rails
      tilt
    selenium-webdriver (4.15.0)
      rexml (~> 3.2, >= 3.2.5)
      rubyzip (>= 1.2.2, < 3.0)
      websocket (~> 1.0)
    sentry-rails (5.13.0)
      railties (>= 5.0)
      sentry-ruby (~> 5.13.0)
    sentry-ruby (5.13.0)
      concurrent-ruby (~> 1.0, >= 1.0.2)
    snaky_hash (2.0.1)
      hashie
      version_gem (~> 1.1, >= 1.1.1)
    sprockets (4.2.1)
      concurrent-ruby (~> 1.0)
      rack (>= 2.2.4, < 4)
    sprockets-rails (3.4.2)
      actionpack (>= 5.2)
      activesupport (>= 5.2)
      sprockets (>= 3.0.0)
    stackprof (0.2.25)
    standard (1.32.0)
      language_server-protocol (~> 3.17.0.2)
      lint_roller (~> 1.0)
      rubocop (~> 1.57.2)
      standard-custom (~> 1.0.0)
      standard-performance (~> 1.2)
    standard-custom (1.0.2)
      lint_roller (~> 1.0)
      rubocop (~> 1.50)
    standard-performance (1.2.1)
      lint_roller (~> 1.1)
      rubocop-performance (~> 1.19.1)
    standard-rails (0.2.0)
      lint_roller (~> 1.0)
      rubocop-rails (~> 2.20.2)
    stimulus-rails (1.3.0)
      railties (>= 6.0.0)
    stimulus_reflex (3.5.0.rc3)
      actioncable (>= 5.2, < 8)
      actionpack (>= 5.2, < 8)
      actionview (>= 5.2, < 8)
      activesupport (>= 5.2, < 8)
      cable_ready (~> 5.0)
      nokogiri (~> 1.0)
      rack (>= 2, < 4)
      railties (>= 5.2, < 8)
      redis (>= 4.0, < 6.0)
    stringio (3.1.0)
    thor (1.3.0)
    thread-local (1.1.0)
    tilt (2.3.0)
    timeout (0.4.1)
    turbo-rails (0.9.1)
      actionpack (>= 6.0.0)
      railties (>= 6.0.0)
    tzinfo (2.0.6)
      concurrent-ruby (~> 1.0)
    unicode-display_width (2.5.0)
    uniform_notifier (1.16.0)
    version_gem (1.1.3)
    view_component (3.7.0)
      activesupport (>= 5.2.0, < 8.0)
      concurrent-ruby (~> 1.0)
      method_source (~> 1.0)
    vite_rails (3.0.17)
      railties (>= 5.1, < 8)
      vite_ruby (~> 3.0, >= 3.2.2)
    vite_ruby (3.5.0)
      dry-cli (>= 0.7, < 2)
      rack-proxy (~> 0.6, >= 0.6.1)
      zeitwerk (~> 2.2)
    warden (1.2.9)
      rack (>= 2.0.9)
    web-console (4.2.1)
      actionview (>= 6.0.0)
      activemodel (>= 6.0.0)
      bindex (>= 0.4.0)
      railties (>= 6.0.0)
    webrick (1.8.1)
    websocket (1.2.10)
    websocket-driver (0.7.6)
      websocket-extensions (>= 0.1.0)
    websocket-extensions (0.1.5)
    xpath (3.2.0)
      nokogiri (~> 1.8)
    zeitwerk (2.6.12)

PLATFORMS
  x86_64-linux

DEPENDENCIES
  action_policy
  audit-log!
  bootsnap (>= 1.4.4)
  bullet
  cable_ready (= 5.0.1)
  capybara (>= 3.26)
  config (~> 5.0)
  debug
  devise
  dotenv-rails
  hiredis
  hotwire-rails
  image_processing (>= 1.2)
  jbuilder (~> 2.7)
  kaminari
  kredis (~> 1.1)
  listen (~> 3.3)
  lograge
  madmin (~> 1.0)!
  meilisearch-rails (~> 0.10.0)
  omniauth
  omniauth-gitlab
  omniauth-rails_csrf_protection
  pagy
  paper_trail (~> 15)
  pg (~> 1.1)
  pretender (~> 0.4.0)
  pry
  puma (~> 6.0)
  rack-brotli
  rack-mini-profiler
  rails (~> 7.1)
  redis (~> 4.0)
  redis-actionpack!
  rexml
  rubocop
  sass-rails (>= 6)
  selenium-webdriver
  sentry-rails
  sentry-ruby
  stackprof
  standard
  standard-rails
  stimulus_reflex (= 3.5.0.rc3)
  turbo-rails (~> 0.8, < 7)
  tzinfo-data
  view_component
  vite_rails (~> 3.0)
  web-console (>= 4.1.0)

CHECKSUMS
  action_policy (0.6.7) sha256=fa846117218c44dd081f73c7fabfede0e6d2221b5993841129c7582b3d1ecedb
  actioncable (7.1.2) sha256=9e7c1bcf5bf57e5bdce846f6281b0ca2aec1ebd0ce1b99b0454194b6e52c7416
  actionmailbox (7.1.2) sha256=b7785621fcda24c518c343f037d17da37065c818ad9d92d2a42c206537a57d51
  actionmailer (7.1.2) sha256=e3ecff2e4fe22ee5133ca4ab1c5284052a91429697f5bae7752992c89a6a6e1e
  actionpack (7.1.2) sha256=eaa2ba517134a7e6495c51e42bfd73424c6c66fbb35f5b6160c7374128341a63
  actiontext (7.1.2) sha256=ba2d42595358b3fe6f79b1ae2840c08c8c134b6417ae3432505ccab446328e34
  actionview (7.1.2) sha256=f540c4360fc94e56e1085b3b4c4916bc5934a6633d5a5ed45014baabaa18b3cb
  activejob (7.1.2) sha256=d7867b27fa9bb0435da176d76c4392b92eb677a8e9b7971f1d407daadf5313a1
  activemodel (7.1.2) sha256=34d78721cd47899caea662e2a5b5c84768ebd0670845c691ce4ac769990a6ebf
  activerecord (7.1.2) sha256=7e7305deb74ee4e924815b90b53bdc5fe79fcfb09fb4d8d66a02a581b1f92b34
  activestorage (7.1.2) sha256=42b0f9a9bde084edb4aa045a99413885826262251b6bd5ad9727039b90bcd9ce
  activesupport (7.1.2) sha256=5bd81ef71524a14725ecb6c3b07bfc00ae0ccc77dd611190bd93bd9f92abd0d0
  addressable (2.8.5) sha256=63f0fbcde42edf116d6da98a9437f19dd1692152f1efa3fcc4741e443c772117
  ast (2.4.2) sha256=1e280232e6a33754cde542bc5ef85520b74db2aac73ec14acef453784447cc12
  audit-log (1.1.0)
  base64 (0.2.0) sha256=0f25e9b21a02a0cc0cea8ef92b2041035d39350946e8789c562b2d1a3da01507
  bcrypt (3.1.20) sha256=8410f8c7b3ed54a3c00cd2456bf13917d695117f033218e2483b2e40b0784099
  bigdecimal (3.1.5)
  bindex (0.8.1) sha256=7b1ecc9dc539ed8bccfc8cb4d2732046227b09d6f37582ff12e50a5047ceb17e
  bootsnap (1.17.0) sha256=6b0ea4dd68f0d424968dcd13953c3f04b13a19a8761c540d3af13507fcfa1347
  brotli (0.4.0) sha256=45379f1318fb635d97ce08a5c1036a38d925f73a175a0abf902b835487e4f3f7
  builder (3.2.4) sha256=99caf08af60c8d7f3a6b004029c4c3c0bdaebced6c949165fe98f1db27fbbc10
  bullet (7.1.4) sha256=b90d47a8556a018592f5772f03fde88ef205942d593a581380d85f4404124424
  cable_ready (5.0.1) sha256=a2b8c6307773ffcc23845b99e67076cfdd644485bd1a7abbb8a40fbdd58605b7
  capybara (3.39.2) sha256=d6f0ca5f30897e64789428d4b047a0df105815a302069913578ac35d5ca99884
  coderay (1.1.3) sha256=dc530018a4684512f8f38143cd2a096c9f02a1fc2459edcfe534787a7fc77d4b
  concurrent-ruby (1.2.2) sha256=3879119b8b75e3b62616acc256c64a134d0b0a7a9a3fcba5a233025bcde22c4f
  config (5.0.0) sha256=43b6ca4e7c69f1479b3ed8ffb291ecda1323fedabc60e3b40260ef5f72516dec
  connection_pool (2.4.1) sha256=0f40cf997091f1f04ff66da67eabd61a9fe0d4928b9a3645228532512fab62f4
  crass (1.0.6) sha256=dc516022a56e7b3b156099abc81b6d2b08ea1ed12676ac7a5657617f012bd45d
  date (3.3.4) sha256=971f2cb66b945bcbea4ddd9c7908c9400b31a71bc316833cb42fa584b59d3291
  debug (1.8.0) sha256=502bd1ad41a9a4b51f557f181cd13650c746390a82b5d11a5d2c81600ca013da
  deep_merge (1.2.2) sha256=83ced3a3d7f95f67de958d2ce41b1874e83c8d94fe2ddbff50c8b4b82323563a
  devise (4.9.3) sha256=480638d6c51b97f56da6e28d4f3e2a1b8e606681b316aa594b87c6ab94923488
  dotenv (2.8.1) sha256=c5944793349ae03c432e1780a2ca929d60b88c7d14d52d630db0508c3a8a17d8
  dotenv-rails (2.8.1) sha256=b05b81b7f4e51d1359e218d92279db1d84b12440f7118c9df19b5dfffb620f6c
  drb (2.2.0) sha256=e9e4af1cded3306cfe37e064a0086e302d5f40df9cb4d161d059a6bb3a75d40f
  dry-cli (1.0.0) sha256=28ead169f872954dd08910eb8ead59cf86cd18b4aab321e8eeefe945749569f0
  dry-configurable (1.1.0) sha256=dd7449cfcde4b1b99ff7ef6da87df273128f19a58c2d97fb6405f97cb22fb7da
  dry-core (1.0.1) sha256=f32f4245e0f54e787f3708584ed8f7545aaf8dd99072e36f169312468ec5450d
  dry-inflector (1.0.0) sha256=6ad22361ca2d6f3f001ae3037ffcfea01163f644280d13a9195d3c3a94dd1626
  dry-initializer (3.1.1) sha256=4d267dea367ccabe498b259c62b909b99d577d6db547d9510561999403546dec
  dry-logic (1.5.0) sha256=99ed2180f1970c3d8247004f277a01dffbe8e82cf6680de9c7209312d86cd416
  dry-schema (1.13.3) sha256=ff0ec847c7986ddb76145f9426ddacaa68c28b170c0f626fb8d30fcb431393e3
  dry-types (1.7.1) sha256=12165841145a18dd22151f143707b90c8093f71e5ae06ee0f2301f5321f8cdb8
  dry-validation (1.10.0) sha256=352afd75629772570f54f03d3e7847ac345e628bf345874d49f1dabacc8ceaac
  erubi (1.12.0) sha256=27bedb74dfb1e04ff60674975e182d8ca787f2224f2e8143268c7696f42e4723
  faraday (2.7.12) sha256=ed38dcd396d2defcf8a536bbf7ef45e6385392ab815fe087df46777be3a781a7
  faraday-net_http (3.0.2) sha256=6882929abed8094e1ee30344a3369e856fe34530044630d1f652bf70ebd87e8d
  ffi (1.16.3) sha256=6d3242ff10c87271b0675c58d68d3f10148fabc2ad6da52a18123f06078871fb
  globalid (1.2.1) sha256=70bf76711871f843dbba72beb8613229a49429d1866828476f9c9d6ccc327ce9
  hashie (5.0.0) sha256=9d6c4e51f2a36d4616cbc8a322d619a162d8f42815a792596039fc95595603da
  hiredis (0.6.3) sha256=7f052e320f7d24b5c2a9fdf67c6ff6facdf6e256394a703511bce34ecf445212
  hotwire-rails (0.1.3) sha256=a4ed7b6bab50f91ce5a3bfaf1c721e6cef8a9ec8f6974c290e2862a280d08d8d
  httparty (0.21.0) sha256=00ef7bf9a71f30a3bff88edeb5b16a34bea883ab67c246b3f0db2d6794fe1214
  i18n (1.14.1) sha256=9d03698903547c060928e70a9bc8b6b87fda674453cda918fc7ab80235ae4a61
  image_processing (1.12.2) sha256=d3b9e9c5a1cc2607a5214cc28b90d317a03bdd06239584c97535dd73e46f62b8
  io-console (0.6.0) sha256=ce9d9a3455be48c56cac65b8ef7ec59b07526343905f9fda138791005b563336
  irb (1.9.1) sha256=8910a1cf5df7b80b744d762371d582130fdea72e4834e48875caa9a58b9af72a
  jbuilder (2.11.5) sha256=ea6234b334f4afc9205eaa136729da2904731ca01ff05d4db3173b70ebeba8c0
  json (2.6.3) sha256=86aaea16adf346a2b22743d88f8dcceeb1038843989ab93cda44b5176c845459
  jwt (2.7.1) sha256=07357cd2f180739b2f8184eda969e252d850ac996ed0a23f616e8ff0a90ae19b
  kaminari (1.2.2) sha256=c4076ff9adccc6109408333f87b5c4abbda5e39dc464bd4c66d06d9f73442a3e
  kaminari-actionview (1.2.2) sha256=1330f6fc8b59a4a4ef6a549ff8a224797289ebf7a3a503e8c1652535287cc909
  kaminari-activerecord (1.2.2) sha256=0dd3a67bab356a356f36b3b7236bcb81cef313095365befe8e98057dd2472430
  kaminari-core (1.2.2) sha256=3bd26fec7370645af40ca73b9426a448d09b8a8ba7afa9ba3c3e0d39cdbb83ff
  kredis (1.6.0) sha256=a728b40b5360324741ac15dce5496c37cfd17111a6a6252c397c50c9d0a9fcdb
  language_server-protocol (3.17.0.3) sha256=3d5c58c02f44a20d972957a9febe386d7e7468ab3900ce6bd2b563dd910c6b3f
  lint_roller (1.1.0) sha256=2c0c845b632a7d172cb849cc90c1bce937a28c5c8ccccb50dfd46a485003cc87
  listen (3.8.0) sha256=9679040ac6e7845ad9f19cf59ecde60861c78e2fae57a5c20fe35e94959b2f8f
  lograge (0.14.0) sha256=42371a75823775f166f727639f5ddce73dd149452a55fc94b90c303213dc9ae1
  loofah (2.22.0) sha256=10d76e070c86b12fec74b6a9515fd1940f4459198b991342d0a7897d86c372fe
  madmin (1.2.7)
  mail (2.8.1) sha256=ec3b9fadcf2b3755c78785cb17bc9a0ca9ee9857108a64b6f5cfc9c0b5bfc9ad
  marcel (1.0.2) sha256=a013b677ef46cbcb49fd5c59b3d35803d2ee04dd75d8bfdc43533fc5a31f7e4e
  matrix (0.4.2) sha256=71083ccbd67a14a43bfa78d3e4dc0f4b503b9cc18e5b4b1d686dc0f9ef7c4cc0
  meilisearch (0.25.1) sha256=bb38580460b9373f726a1f53e8ea8e1ab1ceccd5c6349b31d40a75ab05bbf4ed
  meilisearch-rails (0.10.1) sha256=fc7e7881ee3a49c94287765a0954c36f56b4e2e252196e7ac34e39b6ec871681
  method_source (1.0.0) sha256=d779455a2b5666a079ce58577bfad8534f571af7cec8107f4dce328f0981dede
  mini_magick (4.12.0) sha256=67302fa84e63f1002b71416a8466968ed0f33d22f5d42962a0c09a9f1c3a906a
  mini_mime (1.1.5) sha256=8681b7e2e4215f2a159f9400b5816d85e9d8c6c6b491e96a12797e798f8bccef
  mini_portile2 (2.8.5) sha256=7a37db8ae758086c3c3ac3a59c036704d331e965d5e106635e4a42d6e66089ce
  minitest (5.20.0) sha256=a3faf26a757ced073aaae0bd10481340f53e221a4f50d8a6033591555374752e
  msgpack (1.7.2) sha256=59ab62fd8a4d0dfbde45009f87eb6f158ab2628a7c48886b0256f175166baaa8
  multi_xml (0.6.0) sha256=d24393cf958adb226db884b976b007914a89c53ad88718e25679d7008823ad52
  mutex_m (0.2.0) sha256=b6ef0c6c842ede846f2ec0ade9e266b1a9dac0bc151682b04835e8ebd54840d5
  net-imap (0.4.6) sha256=31975db12d9f7979338ad29934ded585a1fdc881b096dc72b35596a563281a3e
  net-pop (0.1.2) sha256=848b4e982013c15b2f0382792268763b748cce91c9e91e36b0f27ed26420dff3
  net-protocol (0.2.2) sha256=aa73e0cba6a125369de9837b8d8ef82a61849360eba0521900e2c3713aa162a8
  net-smtp (0.4.0) sha256=2d7eb8de289ba8dce3f0d436ee40b9366bea28354c5ba183c8ab2ec05139a3e7
  nio4r (2.6.1) sha256=284aae4adc431498a8f2a8e6027da72bca5f2ea8134d770ffc6f8e45bf6b29f9
  nokogiri (1.15.5) sha256=22448ca35dbcbdcec60dbe25ccf452b685a5436c28f21b2fec2e20917aba9100
  oauth2 (2.0.9) sha256=b21f9defcf52dc1610e0dfab4c868342173dcd707fd15c777d9f4f04e153f7fb
  omniauth (2.1.1) sha256=f2e43fc889fd915838bd1c812569e7e8211b7a1a53d1e0dbb9f694a163d7b297
  omniauth-gitlab (4.1.0) sha256=543f1fa710488220b382bd683a3f314f5b29c36de85ad746f356f37795959613
  omniauth-oauth2 (1.8.0) sha256=b2f8e9559cc7e2d4efba57607691d6d2b634b879fc5b5b6ccfefa3da85089e78
  omniauth-rails_csrf_protection (1.0.1) sha256=fc546aeb7d43b7b9d7737051c380156e61c8f080b898cd4934d523eaa7e59acf
  orm_adapter (0.5.0) sha256=aa5d0be5d540cbb46d3a93e88061f4ece6a25f6e97d6a47122beb84fe595e9b9
  pagy (6.2.0) sha256=6dd5a71077faaefee1d79c757e8ed974c6eba4303a2d743f46d06abd6e8f876f
  paper_trail (15.1.0) sha256=0dbccd97e9d26c54aaea256d2566eaa040a3535601f49a62d79187e77d9ba9f9
  parallel (1.23.0) sha256=27154713ad6ef32fa3dcb7788a721d6c07bca77e72443b4c6080a14145288c49
  parser (3.2.2.4) sha256=edbe6751f85599c8152173ccadbd708f444b7214de2a1d4969441a68e06ac964
  pg (1.5.4) sha256=04f7b247151c639a0b955d8e5a9a41541343f4640aa3c2bdf749a872c339d25d
  pretender (0.4.0) sha256=b44f9c3aa2977c701dbc791a8e3c4a489af1fc84e0a3373f47641f02c76d3f44
  pry (0.14.2) sha256=c4fe54efedaca1d351280b45b8849af363184696fcac1c72e0415f9bdac4334d
  psych (5.1.1.1) sha256=44b0d1823629ac815f1f470af642dc7261489d67feb622a3f5573aa9f5cc5f72
  public_suffix (5.0.4) sha256=35cd648e0d21d06b8dce9331d19619538d1d898ba6d56a6f2258409d2526d1ae
  puma (6.4.0) sha256=d5dda11362744df9f4694708a62e3cfddf72eba7498c16016ebbb30f106712f9
  racc (1.7.3) sha256=b785ab8a30ec43bce073c51dbbe791fd27000f68d1c996c95da98bf685316905
  rack (2.2.8) sha256=7b83a1f1304a8f5554c67bc83632d29ecd2ed1daeb88d276b7898533fde22d97
  rack-brotli (1.2.0) sha256=424c91c379357ba9b204bab91cccf98a30534c557c315c79a1c593e735b9718c
  rack-mini-profiler (3.1.1) sha256=3bbcb84abdfe51e05341a58d6714e027499f974245c4738c74ee38400e3e72a3
  rack-protection (3.1.0) sha256=f9bc997fa87ab5fe3eb5d9d00e2a6222df3f9b8e6e9d610909ea3fc6203a5f77
  rack-proxy (0.7.7) sha256=446a4b57001022145d5c3ba73b775f66a2260eaf7420c6907483141900395c8a
  rack-session (1.0.1) sha256=80b4203e97ecbee6637e9ae696809e1e81d704d954aaa0990dcf220b4cf38687
  rack-test (2.1.0) sha256=0c61fc61904049d691922ea4bb99e28004ed3f43aa5cfd495024cc345f125dfb
  rackup (1.0.0) sha256=e95e3e1b7f1f54ac3730fa9f1024903cb23e424a901781198d492d32c60079f1
  rails (7.1.2) sha256=e0a5c335f02356ed3fa0fc2d28718a2541505119ac30d91002bdbf4786db3eeb
  rails-dom-testing (2.2.0) sha256=e515712e48df1f687a1d7c380fd7b07b8558faa26464474da64183a7426fa93b
  rails-html-sanitizer (1.6.0) sha256=86e9f19d2e6748890dcc2633c8945ca45baa08a1df9d8c215ce17b3b0afaa4de
  railties (7.1.2) sha256=f0394dc4ff065aafe6c87103ad3188a54268d811cb1549e4ac8bc56f71581858
  rainbow (3.1.1) sha256=039491aa3a89f42efa1d6dec2fc4e62ede96eb6acd95e52f1ad581182b79bc6a
  rake (13.1.0) sha256=be6a3e1aa7f66e6c65fa57555234eb75ce4cf4ada077658449207205474199c6
  rb-fsevent (0.11.2) sha256=43900b972e7301d6570f64b850a5aa67833ee7d87b458ee92805d56b7318aefe
  rb-inotify (0.10.1) sha256=050062d4f31d307cca52c3f6a7f4b946df8de25fc4bd373e1a5142e41034a7ca
  rdoc (6.6.0) sha256=10bff3fb916454ad47afa2b2471b2154896ff65bb808b616f221d22da67dd3de
  redis (4.8.1) sha256=387ee086694fffc9632aaeb1efe4a7b1627ca783bf373320346a8a20cd93333a
  redis-actionpack (5.3.0)
  redis-rack (2.1.4) sha256=0872eecb303e483c3863d6bd0d47323d230640d41c1a4ac4a2c7596ec0b1774c
  redis-store (1.10.0) sha256=f258894f9f7e82834308a3d86242294f0cff2c9db9ae66e5cb4c553a5ec8b09e
  regexp_parser (2.8.2) sha256=5e65506e536e4f14ce2cd98a3daecf20b88ac77b6268412928bec98c872e2ab5
  reline (0.4.0) sha256=234c1d03d90a0950193f1e5d6593b1dec5de4d9ab4dad746340a05dab0e5be1d
  request_store (1.5.1) sha256=07a204d161590789f2b1d27f9f0eadcdecd6d868cb2f03240250e1bc747df78e
  responders (3.1.1) sha256=92f2a87e09028347368639cfb468f5fefa745cb0dc2377ef060db1cdd79a341a
  rexml (3.2.6) sha256=e0669a2d4e9f109951cb1fde723d8acd285425d81594a2ea929304af50282816
  rubocop (1.57.2) sha256=8f679dfe42d7821dc61dafb17d14b1294343157a197b9f8a23720ca17fb9161b
  rubocop-ast (1.30.0) sha256=faad6452b1018fee0dd9e21a44445908e94ee2a4435932a9dae0e0740b6349b3
  rubocop-performance (1.19.1) sha256=52664172d944eb45d478ed6d04c8b02c36cf0ee15726fabb6c90a95ca5cdfadf
  rubocop-rails (2.20.2) sha256=d20cbd613900fa22bcf85a7fba78ab68b21fc4f90b1e73c97284d40674332417
  ruby-next-core (0.15.3) sha256=3b07dbc123b896a394e0fb5ef6976451849dd61bdbdb964465fface9d113706c
  ruby-progressbar (1.13.0) sha256=80fc9c47a9b640d6834e0dc7b3c94c9df37f08cb072b7761e4a71e22cff29b33
  ruby-vips (2.2.0) sha256=3be4fcf4ec77a33bbf25e4f9a9d02b21844f6c39c61af2a8221f699d5683739b
  ruby2_keywords (0.0.5) sha256=ffd13740c573b7301cf7a2e61fc857b2a8e3d3aff32545d6f8300d8bae10e3ef
  rubyzip (2.3.2) sha256=3f57e3935dc2255c414484fbf8d673b4909d8a6a57007ed754dde39342d2373f
  sass-rails (6.0.0) sha256=e0b6448ea1c7929fd5929fc7a8eb2d78045e44cc82fc0765a249d3fa1c5810d3
  sassc (2.4.0) sha256=4c60a2b0a3b36685c83b80d5789401c2f678c1652e3288315a1551d811d9f83e
  sassc-rails (2.1.2) sha256=5f4fdf3881fc9bdc8e856ffbd9850d70a2878866feae8114aa45996179952db5
  selenium-webdriver (4.15.0) sha256=36134e883c4df98f1b7e8519a3753c77427b74621147f8245aa6cac306d52297
  sentry-rails (5.13.0) sha256=7f4fc9c8ff0719c504204f7ac719496aa0aa8b47ec2a323ee93fb9bc85fd572e
  sentry-ruby (5.13.0) sha256=04362af31eb61f58146669e31f24bf3737019c5c0b70a9af6d29379a09871bf5
  snaky_hash (2.0.1) sha256=1ac87ec157fcfe7a460e821e0cd48ae1e6f5e3e082ab520f03f31a9259dbdc31
  sprockets (4.2.1) sha256=951b13dd2f2fcae840a7184722689a803e0ff9d2702d902bd844b196da773f97
  sprockets-rails (3.4.2) sha256=36d6327757ccf7460a00d1d52b2d5ef0019a4670503046a129fa1fb1300931ad
  stackprof (0.2.25) sha256=28db0e2d22b817ae35def7163822505a04a026b02ef119b6aa89d70b967b0d2e
  standard (1.32.0) sha256=0de1fa34f83e080bdc5a3c58a60a16aa0bbadc97f00f70c7ea274141c165e7c3
  standard-custom (1.0.2) sha256=424adc84179a074f1a2a309bb9cf7cd6bfdb2b6541f20c6bf9436c0ba22a652b
  standard-performance (1.2.1) sha256=a757913b44ba9724ca681789c911d5c0b65f8c6d2ded1e9e0add7c1cb56eef23
  standard-rails (0.2.0) sha256=49a7c77eeb4c448c3d467d5f443b5eb1dcd43e8c3d0c7beb87c151b5f8f16fbc
  stimulus-rails (1.3.0) sha256=19d138829c2d6e6cc22c2c12141d621a8db29400dc93be01dcc9dda2ce227e7c
  stimulus_reflex (3.5.0.rc3) sha256=939c02108ba5a8fa29a835a06ad3e5d7862157b6794b355401fc082e3e960fa6
  stringio (3.1.0)
  thor (1.3.0) sha256=1adc7f9e5b3655a68c71393fee8bd0ad088d14ee8e83a0b73726f23cbb3ca7c3
  thread-local (1.1.0) sha256=2fb568d31f0ef278063f45a3923c5ed62ee5c33da8134103bc7d2ecdb87bd2e7
  tilt (2.3.0) sha256=82dd903d61213c63679d28e404ee8e10d1b0fdf5270f1ad0898ec314cc3e745c
  timeout (0.4.1) sha256=6f1f4edd4bca28cffa59501733a94215407c6960bd2107331f0280d4abdebb9a
  turbo-rails (0.9.1) sha256=f8e2be42820b91133df11325509d3b706246f7f007e86201aec9eef474d0d033
  tzinfo (2.0.6) sha256=8daf828cc77bcf7d63b0e3bdb6caa47e2272dcfaf4fbfe46f8c3a9df087a829b
  unicode-display_width (2.5.0) sha256=7e7681dcade1add70cb9fda20dd77f300b8587c81ebbd165d14fd93144ff0ab4
  uniform_notifier (1.16.0) sha256=99b39ee4a0864e3b49f375b5e5803eb26d35ed6eb1719c96407573a87bc4dbb5
  version_gem (1.1.3) sha256=07ba4b679abc44198950d191a994d5a504f8f6aad470178e491467f638d0df60
  view_component (3.7.0) sha256=648909bde6c188621d607732d64a82515b03e69761c8098a0fe4336166d7e403
  vite_rails (3.0.17) sha256=b90e85a3e55802981cbdb43a4101d944b1e7055bfe85599d9cb7de0f1ea58bcc
  vite_ruby (3.5.0) sha256=a3e5da3fdd816f831cb1530c4001a790aac862c89f74c09f48d5a3cfed3dea73
  warden (1.2.9) sha256=46684f885d35a69dbb883deabf85a222c8e427a957804719e143005df7a1efd0
  web-console (4.2.1) sha256=e7bcf37a10ea2b4ec4281649d1cee461b32232d0a447e82c786e6841fd22fe20
  webrick (1.8.1) sha256=19411ec6912911fd3df13559110127ea2badd0c035f7762873f58afc803e158f
  websocket (1.2.10) sha256=2cc1a4a79b6e63637b326b4273e46adcddf7871caa5dc5711f2ca4061a629fa8
  websocket-driver (0.7.6) sha256=f69400be7bc197879726ad8e6f5869a61823147372fd8928836a53c2c741d0db
  websocket-extensions (0.1.5) sha256=1c6ba63092cda343eb53fc657110c71c754c56484aad42578495227d717a8241
  xpath (3.2.0) sha256=6dfda79d91bb3b949b947ecc5919f042ef2f399b904013eb3ef6d20dd3a4082e
  zeitwerk (2.6.12) sha256=561e12975d0332fd3b62cc859aff3bab432e5f320689c8a10cd4674b5c0439be

BUNDLED WITH
   2.5.0.dev
